GEM
  remote: https://rubygems.org/
  specs:
    colorize (0.8.1)
    dotenv (2.2.1)
    faraday (0.13.1)
      multipart-post (>= 1.2, < 3)
    multipart-post (2.0.0)

PLATFORMS
  ruby

DEPENDENCIES
  colorize
  dotenv
  faraday

BUNDLED WITH
   1.16.0.pre.2
